GIT
  remote: git@github.com:spscommerce/ansible-sdk.git
  revision: 7a7c263a6d3ac5878285eedb7940ef4430cacc92
  specs:
    ansible-sdk (0.9.15)
      aws-sdk (~> 1.57.0)
      thor (~> 0.19.1)

GEM
  remote: https://rubygems.org/
  specs:
    aws-sdk (1.57.0)
      aws-sdk-v1 (= 1.57.0)
    aws-sdk-v1 (1.57.0)
      json (~> 1.4)
      nokogiri (>= 1.4.4)
    diff-lcs (1.2.5)
    json (1.8.2)
    kitchen (0.0.3)
    kitchen-ansible (0.0.5)
    kitchen-vagrant (0.15.0)
      test-kitchen (~> 1.0)
    mini_portile (0.6.2)
    mixlib-shellout (1.6.1)
    multi_json (1.10.1)
    net-scp (1.2.1)
      net-ssh (>= 2.6.5)
    net-ssh (2.9.2)
    nokogiri (1.6.5)
      mini_portile (~> 0.6.0)
    rspec (3.1.0)
      rspec-core (~> 3.1.0)
      rspec-expectations (~> 3.1.0)
      rspec-mocks (~> 3.1.0)
    rspec-core (3.1.7)
      rspec-support (~> 3.1.0)
    rspec-expectations (3.1.2)
      diff-lcs (>= 1.2.0, < 2.0)
      rspec-support (~> 3.1.0)
    rspec-its (1.1.0)
      rspec-core (>= 3.0.0)
      rspec-expectations (>= 3.0.0)
    rspec-mocks (3.1.3)
      rspec-support (~> 3.1.0)
    rspec-support (3.1.2)
    safe_yaml (1.0.4)
    serverspec (2.7.1)
      multi_json
      rspec (~> 3.0)
      rspec-its
      specinfra (~> 2.10)
    specinfra (2.11.3)
      net-scp
      net-ssh
    test-kitchen (1.2.1)
      mixlib-shellout (~> 1.2)
      net-scp (~> 1.1)
      net-ssh (~> 2.7)
      safe_yaml (~> 1.0)
      thor (~> 0.18)
    thor (0.19.1)

PLATFORMS
  ruby

DEPENDENCIES
  ansible-sdk!
  kitchen
  kitchen-ansible
  kitchen-vagrant
  serverspec (>= 2.0.0)
